PATH
  remote: .
  specs:
    git-up (0.4.4)
      colored (>= 1.2)
      grit

GEM
  remote: http://rubygems.org/
  specs:
    colored (1.2)
    diff-lcs (1.1.2)
    grit (2.3.0)
      diff-lcs (~> 1.1)
      mime-types (~> 1.15)
    mime-types (1.16)
    thoughtbot-shoulda (2.11.1)

PLATFORMS
  ruby

DEPENDENCIES
  colored (>= 1.2)
  git-up!
  grit
  thoughtbot-shoulda
